GEM
  remote: https://rubygems.org/
  specs:
    chunky_png (1.2.9)
    compass (0.12.2)
      chunky_png (~> 1.2)
      fssm (>= 0.2.7)
      sass (~> 3.1)
    fssm (0.2.10)
    oily_png (1.1.0)
      chunky_png (~> 1.2.7)
    sass (3.2.13)

PLATFORMS
  ruby

DEPENDENCIES
  compass
  oily_png
  sass
